GEM
  remote: https://rubygems.org/
  specs:

PLATFORMS
  ruby
  x86_64-linux

DEPENDENCIES

RUBY VERSION
   ruby 3.4.5p51

BUNDLED WITH
   2.6.9
